GEM
  remote: http://www.rubygems.org/
  specs:
    backports (3.8.0)
    erubis (2.7.0)
    minitest (5.10.3)
    multi_json (1.12.2)
    mustermann (1.0.1)
    rack (2.0.3)
    rack-protection (2.0.0)
      rack
    rack-test (0.7.0)
      rack (>= 1.0, < 3)
    redcarpet (3.4.0)
    sinatra (2.0.0)
      mustermann (~> 1.0)
      rack (~> 2.0)
      rack-protection (= 2.0.0)
      tilt (~> 2.0)
    sinatra-contrib (2.0.0)
      backports (>= 2.0)
      multi_json
      mustermann (~> 1.0)
      rack-protection (= 2.0.0)
      sinatra (= 2.0.0)
      tilt (>= 1.3, < 3)
    tilt (2.0.8)

PLATFORMS
  ruby

DEPENDENCIES
  erubis
  minitest
  rack-test
  redcarpet
  sinatra
  sinatra-contrib

BUNDLED WITH
   1.16.0.pre.2
